GIT
  remote: https://github.com/lostisland/faraday_middleware.git
  revision: c5836ae55857272732b33eb0e0a98d60e995a376
  specs:
    faraday_middleware (0.10.0)
      faraday (>= 0.7.4, < 0.10)

GEM
  remote: https://rubygems.org/
  specs:
    activesupport (4.2.4)
      i18n (~> 0.7)
      json (~> 1.7, >= 1.7.7)
      minitest (~> 5.1)
      thread_safe (~> 0.3, >= 0.3.4)
      tzinfo (~> 1.1)
    amatch (0.3.0)
      tins (~> 1.0)
    dalli (2.7.4)
    faraday (0.9.2)
      multipart-post (>= 1.2, < 3)
    fuzzy_match (2.1.0)
    i18n (0.7.0)
    json (1.8.3)
    json-pointer (0.0.1)
    minitest (5.8.1)
    multipart-post (2.0.0)
    rack (1.6.2)
    rack-protection (1.5.3)
      rack
    sinatra (1.4.6)
      rack (~> 1.4)
      rack-protection (~> 1.4)
      tilt (>= 1.3, < 3)
    sinatra-cross_origin (0.3.2)
    thread_safe (0.3.5)
    tilt (2.0.1)
    tins (1.6.0)
    tzinfo (1.2.2)
      thread_safe (~> 0.1)

PLATFORMS
  ruby

DEPENDENCIES
  activesupport
  amatch
  dalli
  faraday
  faraday_middleware!
  fuzzy_match
  json-pointer
  sinatra
  sinatra-cross_origin

BUNDLED WITH
   1.10.6
